GEM
  remote: http://rubygems.org/
  specs:
    activesupport (3.2.3)
      i18n (~> 0.6)
      multi_json (~> 1.0)
    domain_name (0.5.2)
      unf (~> 0.0.3)
    git (1.2.5)
    i18n (0.6.0)
    jeweler (1.8.3)
      bundler (~> 1.0)
      git (>= 1.2.5)
      rake
      rdoc
    json (1.6.6)
    mechanize (2.3)
      domain_name (~> 0.5, >= 0.5.1)
      mime-types (~> 1.17, >= 1.17.2)
      net-http-digest_auth (~> 1.1, >= 1.1.1)
      net-http-persistent (~> 2.5, >= 2.5.2)
      nokogiri (~> 1.4)
      ntlm-http (~> 0.1, >= 0.1.1)
      webrobots (~> 0.0, >= 0.0.9)
    mime-types (1.18)
    multi_json (1.2.0)
    net-http-digest_auth (1.2)
    net-http-persistent (2.6)
    nokogiri (1.5.2)
    ntlm-http (0.1.1)
    rake (0.9.2.2)
    rdoc (3.12)
      json (~> 1.4)
    unf (0.0.5)
      unf_ext
    unf_ext (0.0.4)
    webrobots (0.0.13)
    yell (0.5.1)

PLATFORMS
  ruby

DEPENDENCIES
  activesupport
  jeweler (~> 1.8.3)
  mechanize
  yell
